PATH
  remote: .
  specs:
    git-amend (0.0.2)
      timerizer (~> 0)

GEM
  remote: https://rubygems.org/
  specs:
    timerizer (0.3.3)

PLATFORMS
  ruby

DEPENDENCIES
  git-amend!
