GEM
  remote: https://rubygems.org/
  specs:
    timerizer (0.1.4)

PLATFORMS
  ruby

DEPENDENCIES
  timerizer

BUNDLED WITH
   1.11.2
