PATH
  remote: .
  specs:
    git-shuffle (0.0.1)
      timerizer

GEM
  remote: https://rubygems.org/
  specs:
    timerizer (0.3.2)

PLATFORMS
  ruby

DEPENDENCIES
  git-shuffle!

BUNDLED WITH
   2.0.2
