PATH
  remote: .
  specs:
    git-udpate (0.0.6)
      timerizer (~> 0)

GEM
  remote: https://rubygems.org/
  specs:
    timerizer (0.3.3)

PLATFORMS
  ruby

DEPENDENCIES
  git-udpate!

BUNDLED WITH
   1.17.2
